PATH
  remote: .
  specs:
    setenv (0.0.1.pre)
      bundler
      hashdiff
      thor

GEM
  remote: https://rubygems.org/
  specs:
    hashdiff (0.2.2)
    rake (10.4.2)
    thor (0.19.1)

PLATFORMS
  ruby

DEPENDENCIES
  rake
  setenv!
